GEM
  remote: https://rubygems.org/
  specs:
    coderay (1.1.3)
    method_source (1.0.0)
    nokogiri (1.15.3-arm64-darwin)
      racc (~> 1.4)
    nokogiri (1.15.3-x86_64-darwin)
      racc (~> 1.4)
    pry (0.14.2)
      coderay (~> 1.1)
      method_source (~> 1.0)
    racc (1.7.1)

PLATFORMS
  arm64-darwin-22
  x86_64-darwin-19

DEPENDENCIES
  nokogiri (~> 1.15.3)
  pry (~> 0.14.2)

BUNDLED WITH
   2.4.13
